GEM
  remote: https://rubygems.org/
  specs:
    coderay (1.1.3)
    date (3.0.0)
    dotenv (2.7.6)
    json (2.6.2)
    method_source (1.0.0)
    net-http (0.2.2)
      uri
    open-uri (0.2.0)
      stringio
      time
      uri
    pry (0.14.1)
      coderay (~> 1.1)
      method_source (~> 1.0)
    sqlite3 (1.3.13)
    stringio (0.1.0)
    time (0.2.0)
      date
    tty-font (0.5.0)
    uri (0.11.0)

PLATFORMS
  x86_64-linux

DEPENDENCIES
  dotenv
  json (~> 2.6, >= 2.6.2)
  net-http
  open-uri (~> 0.2.0)
  pry
  sqlite3 (~> 1.3.6)
  tty-font (~> 0.5.0)

BUNDLED WITH
   2.3.16
